GEM
  remote: https://rubygems.org/
  specs:
    erubis (2.7.0)
    kgio (2.10.0)
    mustermann (2.0.2)
      ruby2_keywords (~> 0.0.1)
    mysql2 (0.5.5)
    mysql2-cs-bind (0.0.6)
      mysql2
    rack (2.2.8.1)
    rack-protection (2.2.3)
      rack
    raindrops (0.16.0)
    ruby2_keywords (0.0.5)
    sinatra (2.2.3)
      mustermann (~> 2.0)
      rack (~> 2.2)
      rack-protection (= 2.2.3)
      tilt (~> 2.0)
    tilt (2.3.0)
    unicorn (5.1.0)
      kgio (~> 2.6)
      raindrops (~> 0.7)

PLATFORMS
  ruby

DEPENDENCIES
  erubis
  mysql2 (~> 0.5.3)
  mysql2-cs-bind
  sinatra
  unicorn

BUNDLED WITH
   1.16.1
